PATH
  remote: .
  specs:
    rtomayko (0.0.1)

GEM
  remote: http://rubygems.org/
  specs:
    diff-lcs (1.1.2)
    rake (0.8.7)
    rspec-core (2.0.0.beta.22)
    rspec-expectations (2.0.0.beta.22)
      diff-lcs (>= 1.1.2)

PLATFORMS
  ruby

DEPENDENCIES
  bundler (>= 1.0.0)
  rake (= 0.8.7)
  rspec-core (= 2.0.0.beta.22)
  rspec-expectations (= 2.0.0.beta.22)
  rtomayko!
